GEM
  remote: https://rubygems.org/
  specs:
    base64 (0.3.0)
    hashie (5.0.0)
    json (2.13.2)
    nio4r (2.7.4)
    oauth (1.1.0)
      oauth-tty (~> 1.0, >= 1.0.1)
      snaky_hash (~> 2.0)
      version_gem (~> 1.1)
    oauth-tty (1.0.5)
      version_gem (~> 1.1, >= 1.1.1)
    pg (1.6.1)
    pg (1.6.1-aarch64-linux)
    pg (1.6.1-aarch64-linux-musl)
    pg (1.6.1-arm64-darwin)
    pg (1.6.1-x86_64-darwin)
    pg (1.6.1-x86_64-linux)
    pg (1.6.1-x86_64-linux-musl)
    prometheus-client (4.2.5)
      base64
    puma (6.6.1)
      nio4r (~> 2.0)
    rack (2.2.17)
    snaky_hash (2.0.3)
      hashie (>= 0.1.0, < 6)
      version_gem (>= 1.1.8, < 3)
    version_gem (1.1.8)

PLATFORMS
  aarch64-linux
  aarch64-linux-musl
  arm64-darwin
  ruby
  x86_64-darwin
  x86_64-linux
  x86_64-linux-musl

DEPENDENCIES
  json
  oauth
  pg
  prometheus-client
  puma
  rack (~> 2.2)

BUNDLED WITH
   2.6.9
